GIT
  remote: git://github.com/alloy/xcodebuild-rb.git
  revision: 4658a216c966f90b070b9d2056e1ae088115bf59
  branch: JSONCompilationDatabase
  specs:
    xcodebuild-rb (0.2.0)
      state_machine (~> 1.1.2)

GEM
  remote: http://rubygems.org/
  specs:
    rake (10.0.3)
    state_machine (1.1.2)

PLATFORMS
  ruby

DEPENDENCIES
  rake
  xcodebuild-rb!
